GEM
  remote: https://rubygems.org/
  specs:
    addressable (2.8.1)
      public_suffix (>= 2.0.2, < 6.0)
    crack (0.4.5)
      rexml
    diff-lcs (1.5.0)
    faraday (2.7.4)
      faraday-net_http (>= 2.0, < 3.1)
      ruby2_keywords (>= 0.0.4)
    faraday-net_http (3.0.2)
    hashdiff (1.0.1)
    jwt (2.6.0)
    nokogiri (1.14.0-x86_64-darwin)
      racc (~> 1.4)
    public_suffix (5.0.1)
    racc (1.6.2)
    rexml (3.2.5)
    rspec (3.12.0)
      rspec-core (~> 3.12.0)
      rspec-expectations (~> 3.12.0)
      rspec-mocks (~> 3.12.0)
    rspec-core (3.12.0)
      rspec-support (~> 3.12.0)
    rspec-expectations (3.12.2)
      diff-lcs (>= 1.2.0, < 2.0)
      rspec-support (~> 3.12.0)
    rspec-mocks (3.12.2)
      diff-lcs (>= 1.2.0, < 2.0)
      rspec-support (~> 3.12.0)
    rspec-support (3.12.0)
    ruby2_keywords (0.0.5)
    twilio-ruby (5.74.1)
      faraday (>= 0.9, < 3.0)
      jwt (>= 1.5, <= 2.6)
      nokogiri (>= 1.6, < 2.0)
    twilio_mock (0.4.6)
      twilio-ruby (~> 5.3, >= 5.3.1)
      webmock (~> 3.0, >= 2)
    webmock (3.18.1)
      addressable (>= 2.8.0)
      crack (>= 0.3.2)
      hashdiff (>= 0.4.0, < 2.0.0)

PLATFORMS
  x86_64-darwin-21

DEPENDENCIES
  rspec (~> 3.12)
  twilio-ruby (~> 5.74.1)
  twilio_mock

BUNDLED WITH
   2.4.3
